GIT
  remote: git@github.com:bhammond/geocoder.git
  revision: 089043d75de73d5fe7ebd2a9bb209eb1b92ba6c1
  specs:
    geocoder (1.1.2)

GIT
  remote: git@github.com:bhammond/mongoid-slug.git
  revision: d45cc836fb673b57e26cb8441420a44db3187c7a
  specs:
    mongoid_slug (0.10.0)
      stringex (~> 1.3)

GIT
  remote: git@github.com:bhammond/mongoid_taggable_with_context.git
  revision: c1e940eb4dc47848bb53b9a669d84ca0f75d7755
  specs:
    mongoid_taggable_with_context (0.8.1)
      mongoid (>= 2.0.0)

GIT
  remote: git@github.com:bhammond/will_paginate_mongoid.git
  revision: cc64a99e37d5d8cd2414734f8b11da745681bded
  specs:
    will_paginate_mongoid (1.0.5)
      will_paginate (~> 3.0.2)

GEM
  remote: https://rubygems.org/
  specs:
    actionmailer (3.2.8)
      actionpack (= 3.2.8)
      mail (~> 2.4.4)
    actionpack (3.2.8)
      activemodel (= 3.2.8)
      activesupport (= 3.2.8)
      builder (~> 3.0.0)
      erubis (~> 2.7.0)
      journey (~> 1.0.4)
      rack (~> 1.4.0)
      rack-cache (~> 1.2)
      rack-test (~> 0.6.1)
      sprockets (~> 2.1.3)
    active_utils (1.0.4)
      activesupport (>= 2.3.11)
      i18n
    activemerchant (1.27.0)
      active_utils (>= 1.0.2)
      activesupport (>= 2.3.11)
      builder (>= 2.0.0)
      i18n
      json (>= 1.5.1)
      money
      nokogiri
    activemodel (3.2.8)
      activesupport (= 3.2.8)
      builder (~> 3.0.0)
    activerecord (3.2.8)
      activemodel (= 3.2.8)
      activesupport (= 3.2.8)
      arel (~> 3.0.2)
      tzinfo (~> 0.3.29)
    activeresource (3.2.8)
      activemodel (= 3.2.8)
      activesupport (= 3.2.8)
    activesupport (3.2.8)
      i18n (~> 0.6)
      multi_json (~> 1.0)
    arel (3.0.2)
    bootstrap-sass (2.0.4.0)
    bourbon (2.1.1)
      sass (>= 3.1)
    builder (3.0.0)
    carrierwave (0.6.2)
      activemodel (>= 3.2.0)
      activesupport (>= 3.2.0)
    carrierwave-mongoid (0.1.0)
      carrierwave
      mongoid
    ckeditor (3.7.1)
      mime-types
      orm_adapter
    coffee-rails (3.2.2)
      coffee-script (>= 2.2.0)
      railties (~> 3.2.0)
    coffee-script (2.2.0)
      coffee-script-source
      execjs
    coffee-script-source (1.3.3)
    country_select (1.0.1)
    daemons (1.1.9)
    erubis (2.7.0)
    eventmachine (0.12.10)
    excon (0.13.4)
    execjs (1.4.0)
      multi_json (~> 1.0)
    fog (1.3.1)
      builder
      excon (~> 0.13.0)
      formatador (~> 0.2.0)
      mime-types
      multi_json (~> 1.0)
      net-scp (~> 1.0.4)
      net-ssh (>= 2.1.3)
      nokogiri (~> 1.5.0)
      ruby-hmac
    font-awesome-sass-rails (2.0.0.0)
      railties (>= 3.1.1)
      sass-rails (>= 3.1.1)
    formatador (0.2.3)
    formtastic (2.2.1)
      actionpack (>= 3.0)
    formtastic-plus-bootstrap (1.1.0)
      bootstrap-sass (~> 2.0.3)
      formtastic (~> 2.2)
      railties (>= 3.1.0)
      sass-rails
    gmaps4rails (1.5.5)
    gon (3.0.5)
      actionpack (>= 2.3.0)
      json
    haml (3.1.7)
    haml-rails (0.3.4)
      actionpack (~> 3.0)
      activesupport (~> 3.0)
      haml (~> 3.0)
      railties (~> 3.0)
    haml_coffee_assets (1.4.3)
      coffee-script (>= 1.0.0)
      sprockets (>= 2.0.3)
      tilt (>= 1.3.3)
    hike (1.2.1)
    i18n (0.6.0)
    journey (1.0.4)
    jquery-rails (2.1.1)
      railties (>= 3.1.0, < 5.0)
      thor (~> 0.14)
    jquery-ui-rails (2.0.0)
      jquery-rails
      railties (>= 3.1.0)
    json (1.7.5)
    mail (2.4.4)
      i18n (>= 0.4.0)
      mime-types (~> 1.16)
      treetop (~> 1.4.8)
    mime-types (1.19)
    mini_magick (3.4)
      subexec (~> 0.2.1)
    money (5.0.0)
      i18n (~> 0.4)
      json
    mongoid (3.0.0.rc)
      activemodel (~> 3.1)
      moped (~> 1.0.0.rc)
      origin (~> 1.0.0.rc)
      tzinfo (~> 0.3.22)
    mongoid_taggable_on (0.1.4)
      mongoid (> 2.0.0)
    moped (1.0.1)
    multi_json (1.3.6)
    net-scp (1.0.4)
      net-ssh (>= 1.99.1)
    net-ssh (2.5.2)
    nokogiri (1.5.5)
    origin (1.0.6)
    orm_adapter (0.4.0)
    phone (1.1)
    polyglot (0.3.3)
    rabl (0.7.1)
      activesupport (>= 2.3.14)
      multi_json (~> 1.0)
    rack (1.4.1)
    rack-cache (1.2)
      rack (>= 0.4)
    rack-ssl (1.3.2)
      rack
    rack-test (0.6.1)
      rack (>= 1.0)
    rails (3.2.8)
      actionmailer (= 3.2.8)
      actionpack (= 3.2.8)
      activerecord (= 3.2.8)
      activeresource (= 3.2.8)
      activesupport (= 3.2.8)
      bundler (~> 1.0)
      railties (= 3.2.8)
    railties (3.2.8)
      actionpack (= 3.2.8)
      activesupport (= 3.2.8)
      rack-ssl (~> 1.3.2)
      rake (>= 0.8.7)
      rdoc (~> 3.4)
      thor (>= 0.14.6, < 2.0)
    rake (0.9.2.2)
    rdoc (3.12)
      json (~> 1.4)
    rmagick (2.12.2)
    ruby-hmac (0.4.0)
    sass (3.2.1)
    sass-rails (3.2.5)
      railties (~> 3.2.0)
      sass (>= 3.1.10)
      tilt (~> 1.3)
    sprockets (2.1.3)
      hike (~> 1.2)
      rack (~> 1.0)
      tilt (~> 1.1, != 1.3.0)
    stringex (1.4.0)
    subexec (0.2.2)
    thin (1.4.1)
      daemons (>= 1.0.9)
      eventmachine (>= 0.12.6)
      rack (>= 1.0.0)
    thor (0.16.0)
    tilt (1.3.3)
    treetop (1.4.10)
      polyglot
      polyglot (>= 0.3.1)
    tzinfo (0.3.33)
    uglifier (1.2.7)
      execjs (>= 0.3.0)
      multi_json (~> 1.3)
    will_paginate (3.0.3)
    yajl-ruby (1.1.0)

PLATFORMS
  ruby

DEPENDENCIES
  activemerchant
  bootstrap-sass (~> 2.0.3)
  bourbon
  carrierwave
  carrierwave-mongoid
  ckeditor (= 3.7.1)
  coffee-rails (~> 3.2.1)
  country_select
  fog (~> 1.3.1)
  font-awesome-sass-rails
  formtastic (~> 2.1)
  formtastic-plus-bootstrap
  geocoder!
  gmaps4rails
  gon (~> 3.0.4)
  haml-rails
  haml_coffee_assets
  jquery-rails
  jquery-ui-rails
  mini_magick
  mongoid (~> 3.0.0rc)
  mongoid_slug!
  mongoid_taggable_on
  mongoid_taggable_with_context!
  moped (~> 1.0.0.rc)
  phone
  rabl
  rails (= 3.2.8)
  rmagick (~> 2.12.2)
  sass-rails (~> 3.2.3)
  thin
  uglifier (>= 1.0.3)
  will_paginate_mongoid!
  yajl-ruby
